PATH
  remote: .
  specs:
    chacha20 (0.1.0)

GEM
  remote: https://rubygems.org/
  specs:
    minitest (5.25.2)
    rake (13.2.1)

PLATFORMS
  ruby
  x86_64-linux

DEPENDENCIES
  chacha20!
  minitest (~> 5.0)
  rake (~> 13.0)

BUNDLED WITH
   2.5.23
